GEM
  remote: https://rubygems.org/
  specs:
    bitcoin-ruby (0.0.20)
      eventmachine
      ffi
      scrypt
    domain_name (0.5.20190701)
      unf (>= 0.0.5, < 1.0.0)
    eventmachine (1.2.7-x64-mingw32)
    ffi (1.13.1-x64-mingw32)
    ffi-compiler (1.0.1)
      ffi (>= 1.0.0)
      rake
    http-accept (1.7.0)
    http-cookie (1.0.3)
      domain_name (~> 0.5)
    json (1.8.6)
    mime-types (3.3.1)
      mime-types-data (~> 3.2015)
    mime-types-data (3.2020.0512)
    netrc (0.11.0)
    rake (13.0.1)
    rest-client (2.1.0-x64-mingw32)
      ffi (~> 1.9)
      http-accept (>= 1.7.0, < 2.0)
      http-cookie (>= 1.0.2, < 2.0)
      mime-types (>= 1.16, < 4.0)
      netrc (~> 0.8)
    scrypt (3.0.7)
      ffi-compiler (>= 1.0, < 2.0)
    unf (0.1.4)
      unf_ext
    unf_ext (0.0.7.7-x64-mingw32)

PLATFORMS
  x64-mingw32

DEPENDENCIES
  bitcoin-ruby (~> 0.0.8)
  json (~> 1.8, >= 1.8.3)
  rest-client (~> 2.1)

BUNDLED WITH
   1.17.2
